GEM
  remote: http://rubygems.org/
  specs:
    builder (3.2.2)
    childprocess (0.5.6)
      ffi (~> 1.0, >= 1.0.11)
    cucumber (2.4.0)
      builder (>= 2.1.2)
      cucumber-core (~> 1.5.0)
      cucumber-wire (~> 0.0.1)
      diff-lcs (>= 1.1.3)
      gherkin (~> 4.0)
      multi_json (>= 1.7.5, < 2.0)
      multi_test (>= 0.1.2)
    cucumber-core (1.5.0)
      gherkin (~> 4.0)
    cucumber-wire (0.0.1)
    data_magic (0.18)
      faker (>= 1.1.2)
      yml_reader (>= 0.2)
    diff-lcs (1.2.5)
    faker (1.3.0)
      i18n (~> 0.5)
    ffi (1.9.10)
    gherkin (4.0.0)
    i18n (0.6.11)
    multi_json (1.12.1)
    multi_test (0.1.2)
    page-object (1.1.0)
      page_navigation (>= 0.9)
      selenium-webdriver (>= 2.44.0)
      watir-webdriver (>= 0.6.11)
    page_navigation (0.9)
      data_magic (>= 0.14)
    rspec-expectations (2.14.5)
      diff-lcs (>= 1.1.3, < 2.0)
    rubyzip (1.1.7)
    selenium-webdriver (2.46.2)
      childprocess (~> 0.5)
      multi_json (~> 1.0)
      rubyzip (~> 1.0)
      websocket (~> 1.0)
    watir-webdriver (0.8.0)
      selenium-webdriver (>= 2.46.2)
    websocket (1.2.2)
    yml_reader (0.5)

PLATFORMS
  ruby

DEPENDENCIES
  cucumber
  page-object
  rspec-expectations
  watir-webdriver
